GEM
  remote: http://rubygems.org/
  specs:
    leveldb-ruby (0.15)
    mime-types (1.19)
    rack (1.4.1)
    rack-protection (1.2.0)
      rack
    radix (2.0.1)
    rest-client (1.6.7)
      mime-types (>= 1.16)
    ruby-filemagic (0.4.2)
    sinatra (1.3.3)
      rack (~> 1.3, >= 1.3.6)
      rack-protection (~> 1.2)
      tilt (~> 1.3, >= 1.3.3)
    tilt (1.3.3)

PLATFORMS
  ruby

DEPENDENCIES
  leveldb-ruby (~> 0.15)
  radix (~> 2.0.1)
  rest-client (~> 1.6.7)
  ruby-filemagic (~> 0.4.2)
  sinatra (~> 1.3.3)
